PATH
  remote: .
  specs:
    omniauth-outseta (0.1.0)
      jwt (~> 2.7)
      omniauth (~> 1.9.2)

GEM
  remote: https://rubygems.org/
  specs:
    ast (2.4.2)
    hashie (5.0.0)
    json (2.6.3)
    jwt (2.7.0)
    language_server-protocol (3.17.0.3)
    lint_roller (1.0.0)
    minitest (5.18.0)
    omniauth (1.9.2)
      hashie (>= 3.4.6)
      rack (>= 1.6.2, < 3)
    parallel (1.23.0)
    parser (3.2.2.1)
      ast (~> 2.4.1)
    rack (2.2.7)
    rainbow (3.1.1)
    rake (13.0.6)
    regexp_parser (2.8.0)
    rexml (3.2.5)
    rubocop (1.50.2)
      json (~> 2.3)
      parallel (~> 1.10)
      parser (>= 3.2.0.0)
      rainbow (>= 2.2.2, < 4.0)
      regexp_parser (>= 1.8, < 3.0)
      rexml (>= 3.2.5, < 4.0)
      rubocop-ast (>= 1.28.0, < 2.0)
      ruby-progressbar (~> 1.7)
      unicode-display_width (>= 2.4.0, < 3.0)
    rubocop-ast (1.28.1)
      parser (>= 3.2.1.0)
    rubocop-performance (1.16.0)
      rubocop (>= 1.7.0, < 2.0)
      rubocop-ast (>= 0.4.0)
    ruby-progressbar (1.13.0)
    standard (1.28.2)
      language_server-protocol (~> 3.17.0.2)
      lint_roller (~> 1.0)
      rubocop (~> 1.50.2)
      standard-custom (~> 1.0.0)
      standard-performance (~> 1.0.1)
    standard-custom (1.0.0)
      lint_roller (~> 1.0)
    standard-performance (1.0.1)
      lint_roller (~> 1.0)
      rubocop-performance (~> 1.16.0)
    unicode-display_width (2.4.2)

PLATFORMS
  x86_64-darwin-22
  x86_64-linux

DEPENDENCIES
  minitest (~> 5.0)
  omniauth-outseta!
  rake (~> 13.0)
  standard (~> 1.3)

BUNDLED WITH
   2.4.10
